PATH
  remote: .
  specs:
    hexlet_code (0.1.0)

GEM
  remote: https://rubygems.org/
  specs:
    minitest (5.15.0)
    rake (10.5.0)

PLATFORMS
  ruby

DEPENDENCIES
  bundler (~> 1.17)
  hexlet_code!
  minitest (~> 5.0)
  rake (~> 10.0)

BUNDLED WITH
   1.17.2
